GEM
  remote: https://rubygems.org/
  specs:
    activemodel (4.2.3)
      activesupport (= 4.2.3)
      builder (~> 3.1)
    activesupport (4.2.3)
      i18n (~> 0.7)
      json (~> 1.7, >= 1.7.7)
      minitest (~> 5.1)
      thread_safe (~> 0.3, >= 0.3.4)
      tzinfo (~> 1.1)
    addressable (2.3.8)
    buftok (0.2.0)
    builder (3.2.2)
    cairo (1.14.1)
      pkg-config (>= 1.1.5)
    color (1.7.1)
    colourlovers (0.0.1)
      httparty
    dotenv (2.0.2)
    equalizer (0.0.11)
    ethon (0.7.4)
      ffi (>= 1.3.0)
    faraday (0.9.1)
      multipart-post (>= 1.2, < 3)
    ffi (1.9.10)
    gdk_pixbuf2 (2.2.5)
      glib2 (= 2.2.5)
    glib2 (2.2.5)
      pkg-config
    htmlentities (4.3.4)
    http (0.6.4)
      http_parser.rb (~> 0.6.0)
    http_parser.rb (0.6.0)
    httparty (0.13.5)
      json (~> 1.8)
      multi_xml (>= 0.5.2)
    i18n (0.7.0)
    json (1.8.3)
    memoizable (0.4.2)
      thread_safe (~> 0.3, >= 0.3.1)
    mercenary (0.3.5)
    mini_portile (0.6.2)
    minitest (5.7.0)
    multi_xml (0.5.5)
    multipart-post (2.0.0)
    naught (1.0.0)
    nokogiri (1.6.6.2)
      mini_portile (~> 0.6.0)
    noun-project-api (0.2.2)
      oauth (~> 0)
    oauth (0.4.7)
    pango (2.2.5)
      cairo (>= 1.14.0)
      glib2 (= 2.2.5)
    pkg-config (1.1.6)
    roo (2.0.1)
      nokogiri (~> 1)
      rubyzip (~> 1.1, < 2.0.0)
    rsvg2 (2.2.5)
      cairo (>= 1.12.8)
      gdk_pixbuf2 (= 2.2.5)
    ruby-progressbar (1.7.5)
    rubyzip (1.1.7)
    simple_oauth (0.3.1)
    squib (0.6.0)
      cairo (~> 1.14.0)
      mercenary (~> 0.3.4)
      pango (~> 2.2.0)
      roo (~> 2.0.0)
      rsvg2 (~> 2.2.0)
      ruby-progressbar (~> 1.6)
    thread_safe (0.3.5)
    twitter (5.14.0)
      addressable (~> 2.3)
      buftok (~> 0.2.0)
      equalizer (~> 0.0.9)
      faraday (~> 0.9.0)
      http (~> 0.6.0)
      http_parser.rb (~> 0.6.0)
      json (~> 1.8)
      memoizable (~> 0.4.0)
      naught (~> 1.0)
      simple_oauth (~> 0.3.0)
    typhoeus (0.7.2)
      ethon (>= 0.7.4)
    tzinfo (1.2.2)
      thread_safe (~> 0.1)
    wordnik (4.12)
      activemodel (>= 3.0.3)
      addressable (>= 2.2.4)
      htmlentities (>= 4.2.4)
      json (>= 1.4.6)
      nokogiri (>= 1.4.4)
      typhoeus (>= 0.2.1)

PLATFORMS
  ruby

DEPENDENCIES
  color
  colourlovers
  dotenv
  noun-project-api (~> 0.2.2)
  squib
  twitter
  wordnik

BUNDLED WITH
   1.10.5
